GIT
  remote: https://github.com/resque/redis-namespace.git
  revision: e053fb96c22a8b65fd404c1982f20b2c4132b3fc
  specs:
    redis-namespace (1.5.0)
      redis (~> 3.0, >= 3.0.4)

GEM
  remote: https://rubygems.org/
  specs:
    activemodel (4.1.4)
      activesupport (= 4.1.4)
      builder (~> 3.1)
    activerecord (4.1.4)
      activemodel (= 4.1.4)
      activesupport (= 4.1.4)
      arel (~> 5.0.0)
    activesupport (4.1.4)
      i18n (~> 0.6, >= 0.6.9)
      json (~> 1.7, >= 1.7.7)
      minitest (~> 5.1)
      thread_safe (~> 0.1)
      tzinfo (~> 1.1)
    arel (5.0.1.20140414130214)
    atomic (1.1.16)
    avl_tree (1.1.3)
    awesome_print (1.2.0)
    builder (3.2.2)
    capistrano (2.15.5)
      highline
      net-scp (>= 1.0.0)
      net-sftp (>= 2.0.0)
      net-ssh (>= 2.0.14)
      net-ssh-gateway (>= 1.1.0)
    capistrano_colors (0.5.5)
    celluloid (0.15.2)
      timers (~> 1.1.0)
    chartkick (1.3.2)
    connection_pool (2.0.0)
    database_cleaner (1.3.0)
    docile (1.1.5)
    dotenv (0.11.1)
      dotenv-deployment (~> 0.0.2)
    dotenv-deployment (0.0.2)
    faraday (0.9.0)
      multipart-post (>= 1.2, < 3)
    faraday_middleware (0.9.1)
      faraday (>= 0.7.4, < 0.10)
    ffi (1.9.3)
    foreman (0.74.0)
      dotenv (~> 0.11.1)
      thor (~> 0.19.1)
    god (0.13.4)
    hashie (3.2.0)
    highline (1.6.21)
    hiredis (0.5.2)
    hitimes (1.2.2)
    i18n (0.6.11)
    ice_cube (0.12.1)
    instagram (1.1.1)
      faraday (>= 0.7, < 0.10)
      faraday_middleware (>= 0.8, < 0.10)
      hashie (>= 0.4.0)
      multi_json (~> 1.0, >= 1.0.3)
    jsmin (1.0.1)
    json (1.8.1)
    logstash-event (1.2.02)
    logstash-logger (0.6.0)
      logstash-event (~> 1.2)
      stud
    metriks (0.9.9.6)
      atomic (~> 1.0)
      avl_tree (~> 1.1.2)
      hitimes (~> 1.1)
    minitest (5.4.0)
    mock_redis (0.13.2)
    multi_json (1.10.1)
    multipart-post (2.0.0)
    net-scp (1.2.1)
      net-ssh (>= 2.6.5)
    net-sftp (2.1.2)
      net-ssh (>= 2.6.5)
    net-ssh (2.9.1)
    net-ssh-gateway (1.2.0)
      net-ssh (>= 2.6.5)
    oj (2.9.9)
    pg (0.17.1)
    pr_geohash (1.0.0)
    puma (2.9.0)
      rack (>= 1.1, < 2.0)
    rack (1.5.2)
    rack-protection (1.5.3)
      rack
    rack-test (0.6.2)
      rack (>= 1.0)
    rake (10.3.2)
    redis (3.1.0)
    rvm-capistrano (1.5.3)
      capistrano (~> 2.15.4)
    sidekiq (3.2.1)
      celluloid (>= 0.15.2)
      connection_pool (>= 2.0.0)
      json
      redis (>= 3.0.6)
      redis-namespace (>= 1.3.1)
    sidekiq-benchmark (0.4.1)
      chartkick (>= 1.1.1)
      sinatra-assetpack (>= 0.2.5)
    sidekiq-throttler (0.4.1)
      activesupport
      sidekiq (>= 2.5, < 4.0)
    sidekiq-unique-jobs (3.0.2)
      mock_redis
      sidekiq (>= 2.6)
    sidetiq (0.6.1)
      celluloid (>= 0.14.1)
      ice_cube (~> 0.12.0)
      sidekiq (>= 2.16.0)
    simplecov (0.9.0)
      docile (~> 1.1.0)
      multi_json
      simplecov-html (~> 0.8.0)
    simplecov-html (0.8.0)
    sinatra (1.4.5)
      rack (~> 1.4)
      rack-protection (~> 1.4)
      tilt (~> 1.3, >= 1.3.4)
    sinatra-assetpack (0.3.3)
      jsmin
      rack-test
      sinatra
      tilt (>= 1.3.0, < 2.0)
    stud (0.0.17)
      ffi
      metriks
    thor (0.19.1)
    thread_safe (0.3.4)
    tilt (1.4.1)
    timers (1.1.0)
    tzinfo (1.2.1)
      thread_safe (~> 0.1)

PLATFORMS
  ruby

DEPENDENCIES
  activerecord (= 4.1.4)
  activesupport (= 4.1.4)
  awesome_print
  capistrano (~> 2.15.5)
  capistrano_colors
  database_cleaner
  foreman
  god
  hiredis
  instagram
  logstash-logger
  minitest
  oj
  pg
  pr_geohash
  puma
  rake (~> 10.3.2)
  redis
  redis-namespace!
  rvm-capistrano
  sidekiq
  sidekiq-benchmark
  sidekiq-throttler
  sidekiq-unique-jobs
  sidetiq
  simplecov
